NUGET
  remote: https://www.nuget.org/api/v2
    OctoPack (3.0.71)
